GEM
  remote: https://rubygems.org/
  specs:
    coderay (1.1.2)
    faraday (0.14.0)
      multipart-post (>= 1.2, < 3)
    method_source (0.9.0)
    mini_portile2 (2.3.0)
    multipart-post (2.0.0)
    nokogiri (1.8.2)
      mini_portile2 (~> 2.3.0)
    pry (0.11.3)
      coderay (~> 1.1.0)
      method_source (~> 0.9.0)
    sqlite3 (1.3.13)

PLATFORMS
  ruby

DEPENDENCIES
  bundler
  faraday
  nokogiri
  pry
  sqlite3

BUNDLED WITH
   1.16.1
